GEM
  remote: https://rubygems.org/
  specs:
    ffi (1.15.0)
    image_processing (1.12.1)
      mini_magick (>= 4.9.5, < 5)
      ruby-vips (>= 2.0.17, < 3)
    mini_magick (4.11.0)
    ruby-vips (2.1.0)
      ffi (~> 1.12)

PLATFORMS
  ruby

DEPENDENCIES
  image_processing (~> 1.0)
  ruby-vips

BUNDLED WITH
   1.17.2
