GEM
  remote: https://rubygems.org/
  specs:
    addressable (2.7.0)
      public_suffix (>= 2.0.2, < 5.0)
    cli-kit (3.3.0)
      cli-ui (>= 1.1.4)
    cli-ui (1.5.1)
    ffi (1.15.0)
    image_processing (1.12.1)
      mini_magick (>= 4.9.5, < 5)
      ruby-vips (>= 2.0.17, < 3)
    imgkit (1.6.2)
    json (2.5.1)
    json-schema (2.8.1)
      addressable (>= 2.4)
    mini_magick (4.11.0)
    mustache (1.1.1)
    open-uri (0.1.0)
    public_suffix (4.0.6)
    ruby-prof (1.4.3)
    ruby-vips (2.1.0)
      ffi (~> 1.12)
    wkhtmltoimage-binary (0.12.5)

PLATFORMS
  ruby

DEPENDENCIES
  addressable
  cli-kit (~> 3.1)
  cli-ui (~> 1.0)
  image_processing (~> 1.0)
  imgkit
  json
  json-schema
  mustache (~> 1.0)
  open-uri
  ruby-prof
  ruby-vips
  wkhtmltoimage-binary

BUNDLED WITH
   1.17.2
