GEM
  remote: https://rubygems.org/
  specs:
    addressable (2.7.0)
      public_suffix (>= 2.0.2, < 5.0)
    ffi (1.15.0)
    image_processing (1.12.1)
      mini_magick (>= 4.9.5, < 5)
      ruby-vips (>= 2.0.17, < 3)
    json (2.5.1)
    json-schema (2.8.1)
      addressable (>= 2.4)
    mini_magick (4.11.0)
    open-uri (0.1.0)
    public_suffix (4.0.6)
    ruby-vips (2.1.0)
      ffi (~> 1.12)

PLATFORMS
  ruby

DEPENDENCIES
  addressable
  image_processing (~> 1.0)
  json
  json-schema
  open-uri
  ruby-vips

BUNDLED WITH
   1.17.2
